GEM
  remote: https://rubygems.org/
  specs:
    bubble-wrap (1.1.5)
    motion-pixate (1.2)
      sass
    sass (3.2.7)

PLATFORMS
  ruby

DEPENDENCIES
  bubble-wrap (~> 1.1.5)
  motion-pixate (~> 1.2)
